GEM
  remote: http://rubygems.org/
  specs:
    activemodel (3.0.7)
      activesupport (= 3.0.7)
      builder (~> 2.1.2)
      i18n (~> 0.5.0)
    activerecord (3.0.7)
      activemodel (= 3.0.7)
      activesupport (= 3.0.7)
      arel (~> 2.0.2)
      tzinfo (~> 0.3.23)
    activesupport (3.0.7)
    arel (2.0.9)
    builder (2.1.2)
    hoptoad_notifier (2.4.7)
      activesupport
      builder
    i18n (0.5.0)
    mysql2 (0.2.7)
    nokogiri (1.4.4)
    rack (1.3.0)
    sinatra (1.2.6)
      rack (~> 1.1)
      tilt (>= 1.2.2, < 2.0)
    sinatra-activerecord (0.1.3)
      sinatra (>= 0.9.4)
    tilt (1.3.1)
    tzinfo (0.3.27)
    yajl-ruby (0.8.2)

PLATFORMS
  ruby

DEPENDENCIES
  activerecord
  hoptoad_notifier
  mysql2 (< 0.3)
  nokogiri
  sinatra
  sinatra-activerecord
  yajl-ruby
